GEM
  remote: https://rubygems.org/
  specs:
    addressable (2.5.0)
      public_suffix (~> 2.0, >= 2.0.2)
    deep_merge (1.1.1)
    faraday (0.11.0)
      multipart-post (>= 1.2, < 3)
    inifile (3.0.0)
    multipart-post (2.0.0)
    octokit (4.6.2)
      sawyer (~> 0.8.0, >= 0.5.3)
    public_suffix (2.0.5)
    sawyer (0.8.1)
      addressable (>= 2.3.5, < 2.6)
      faraday (~> 0.8, < 1.0)

PLATFORMS
  ruby

DEPENDENCIES
  deep_merge (= 1.1.1)
  inifile (= 3.0.0)
  octokit (= 4.6.2)

BUNDLED WITH
   1.13.7
